GEM
  remote: http://rubygems.org/
  specs:
    rake (10.0.4)
    rb-fsevent (0.9.3)
    s***REMOVED*** (3.2.9)

PLATFORMS
  ruby

DEPENDENCIES
  rake
  rb-fsevent
  s***REMOVED*** (~> 3.2)
